GIT
  remote: git://github.com/NARKOZ/activerecord-reputation-system.git
  revision: 01197ad78cac3136317b2884b61ed3da34c607d0
  branch: rails4
  specs:
    activerecord-reputation-system (2.0.2)

GIT
  remote: git://github.com/satoruk/carrierwave.git
  revision: 43179f94d6a4e62f69e812f5082d6447c9138480
  ref: 43179f94d6a4e62f69e812f5082d6447c9138480
  specs:
    carrierwave (0.10.0)
      activemodel (>= 3.2.0)
      activesupport (>= 3.2.0)
      json (>= 1.7)
      mime-types (>= 1.16)

GEM
  remote: https://rubygems.org/
  specs:
    actionmailer (4.2.1)
      actionpack (= 4.2.1)
      actionview (= 4.2.1)
      activejob (= 4.2.1)
      mail (~> 2.5, >= 2.5.4)
      rails-dom-testing (~> 1.0, >= 1.0.5)
    actionpack (4.2.1)
      actionview (= 4.2.1)
      activesupport (= 4.2.1)
      rack (~> 1.6)
      rack-test (~> 0.6.2)
      rails-dom-testing (~> 1.0, >= 1.0.5)
      rails-html-sanitizer (~> 1.0, >= 1.0.1)
    actionview (4.2.1)
      activesupport (= 4.2.1)
      builder (~> 3.1)
      erubis (~> 2.7.0)
      rails-dom-testing (~> 1.0, >= 1.0.5)
      rails-html-sanitizer (~> 1.0, >= 1.0.1)
    activejob (4.2.1)
      activesupport (= 4.2.1)
      globalid (>= 0.3.0)
    activemodel (4.2.1)
      activesupport (= 4.2.1)
      builder (~> 3.1)
    activerecord (4.2.1)
      activemodel (= 4.2.1)
      activesupport (= 4.2.1)
      arel (~> 6.0)
    activesupport (4.2.1)
      i18n (~> 0.7)
      json (~> 1.7, >= 1.7.7)
      minitest (~> 5.1)
      thread_safe (~> 0.3, >= 0.3.4)
      tzinfo (~> 1.1)
    addressable (2.5.0)
      public_suffix (~> 2.0, >= 2.0.2)
    amazon-ecs (2.5.0)
      nokogiri (~> 1.4)
      ruby-hmac (~> 0.3)
    arel (6.0.4)
    aws_cf_signer (0.1.3)
    bcrypt (3.1.11)
    bcrypt-ruby (3.1.2)
    bootstrap-sass (2.3.2.0)
      sass (~> 3.2)
    bootstrap-will_paginate (0.0.9)
      will_paginate
    buftok (0.2.0)
    builder (3.2.3)
    capybara (2.1.0)
      mime-types (>= 1.16)
      nokogiri (>= 1.3.3)
      rack (>= 1.0.0)
      rack-test (>= 0.5.4)
      xpath (~> 2.0)
    childprocess (0.3.6)
      ffi (~> 1.0, >= 1.0.6)
    chronic (0.10.2)
    cloudinary (1.5.2)
      aws_cf_signer
      json (~> 1.8)
      rest-client (< 2.0)
    coffee-rails (4.0.1)
      coffee-script (>= 2.2.0)
      railties (>= 4.0.0, < 5.0)
    coffee-script (2.4.1)
      coffee-script-source
      execjs
    coffee-script-source (1.8.0)
    cookiejar (0.3.3)
    daemons (1.2.4)
    devise (4.2.0)
      bcrypt (~> 3.0)
      orm_adapter (~> 0.1)
      railties (>= 4.1.0, < 5.1)
      responders
      warden (~> 1.2.3)
    diff-lcs (1.3)
    domain_name (0.5.20170223)
      unf (>= 0.0.5, < 1.0.0)
    dotenv (2.2.0)
    dotenv-rails (2.2.0)
      dotenv (= 2.2.0)
      railties (>= 3.2, < 5.1)
    em-http-request (1.1.5)
      addressable (>= 2.3.4)
      cookiejar (!= 0.3.1)
      em-socksify (>= 0.3)
      eventmachine (>= 1.0.3)
      http_parser.rb (>= 0.6.0)
    em-socksify (0.3.1)
      eventmachine (>= 1.0.0.beta.4)
    em-twitter (0.3.5)
      buftok (~> 0.2)
      eventmachine (~> 1.0)
      http_parser.rb (~> 0.6)
      simple_oauth (~> 0.2)
    equalizer (0.0.10)
    erubis (2.7.0)
    eventmachine (1.2.3)
    execjs (2.7.0)
    faker (1.1.2)
      i18n (~> 0.5)
    faraday (0.9.2)
      multipart-post (>= 1.2, < 3)
    ffi (1.9.17)
    font-awesome-rails (4.7.0.1)
      railties (>= 3.2, < 5.1)
    globalid (0.3.7)
      activesupport (>= 4.1.0)
    god (0.13.7)
    hashie (3.5.5)
    hike (1.2.3)
    http (1.0.4)
      addressable (~> 2.3)
      http-cookie (~> 1.0)
      http-form_data (~> 1.0.1)
      http_parser.rb (~> 0.6.0)
    http-cookie (1.0.3)
      domain_name (~> 0.5)
    http-form_data (1.0.1)
    http_parser.rb (0.6.0)
    i18n (0.8.1)
    jbuilder (1.0.2)
      activesupport (>= 3.0.0)
    jquery-rails (3.0.4)
      railties (>= 3.0, < 5.0)
      thor (>= 0.14, < 2.0)
    json (1.8.6)
    jwt (1.5.6)
    loofah (2.0.3)
      nokogiri (>= 1.5.9)
    mail (2.6.4)
      mime-types (>= 1.16, < 4)
    memoizable (0.4.2)
      thread_safe (~> 0.3, >= 0.3.1)
    mime-types (2.99.3)
    mini_portile2 (2.1.0)
    minitest (5.10.1)
    multi_json (1.12.1)
    multi_xml (0.6.0)
    multipart-post (2.0.0)
    mysql2 (0.3.21)
    naught (1.1.0)
    netrc (0.11.0)
    nokogiri (1.7.0.1)
      mini_portile2 (~> 2.1.0)
    oauth (0.5.1)
    oauth2 (1.3.0)
      faraday (>= 0.8, < 0.11)
      jwt (~> 1.0)
      multi_json (~> 1.3)
      multi_xml (~> 0.5)
      rack (>= 1.2, < 3)
    omniauth (1.6.1)
      hashie (>= 3.4.6, < 3.6.0)
      rack (>= 1.6.2, < 3)
    omniauth-facebook (4.0.0)
      omniauth-oauth2 (~> 1.2)
    omniauth-oauth (1.1.0)
      oauth
      omniauth (~> 1.0)
    omniauth-oauth2 (1.4.0)
      oauth2 (~> 1.0)
      omniauth (~> 1.2)
    omniauth-twitter (1.4.0)
      omniauth-oauth (~> 1.1)
      rack
    orm_adapter (0.5.0)
    public_activity (1.5.0)
      actionpack (>= 3.0.0)
      activerecord (>= 3.0)
      i18n (>= 0.5.0)
      railties (>= 3.0.0)
    public_suffix (2.0.5)
    rack (1.6.5)
    rack-test (0.6.3)
      rack (>= 1.0)
    rails (4.2.1)
      actionmailer (= 4.2.1)
      actionpack (= 4.2.1)
      actionview (= 4.2.1)
      activejob (= 4.2.1)
      activemodel (= 4.2.1)
      activerecord (= 4.2.1)
      activesupport (= 4.2.1)
      bundler (>= 1.3.0, < 2.0)
      railties (= 4.2.1)
      sprockets-rails
    rails-deprecated_sanitizer (1.0.3)
      activesupport (>= 4.2.0.alpha)
    rails-dom-testing (1.0.8)
      activesupport (>= 4.2.0.beta, < 5.0)
      nokogiri (~> 1.6)
      rails-deprecated_sanitizer (>= 1.0.1)
    rails-html-sanitizer (1.0.3)
      loofah (~> 2.0)
    rails-timeago (2.15.0)
      actionpack (>= 3.1)
      activesupport (>= 3.1)
    railties (4.2.1)
      actionpack (= 4.2.1)
      activesupport (= 4.2.1)
      rake (>= 0.8.7)
      thor (>= 0.18.1, < 2.0)
    rake (10.5.0)
    rdoc (3.12.2)
      json (~> 1.4)
    responders (2.3.0)
      railties (>= 4.2.0, < 5.1)
    rest-client (1.8.0)
      http-cookie (>= 1.0.2, < 2.0)
      mime-types (>= 1.16, < 3.0)
      netrc (~> 0.7)
    rmagick (2.16.0)
    rspec-core (2.13.1)
    rspec-expectations (2.13.0)
      diff-lcs (>= 1.1.3, < 2.0)
    rspec-mocks (2.13.1)
    rspec-rails (2.13.1)
      actionpack (>= 3.0)
      activesupport (>= 3.0)
      railties (>= 3.0)
      rspec-core (~> 2.13.0)
      rspec-expectations (~> 2.13.0)
      rspec-mocks (~> 2.13.0)
    ruby-hmac (0.4.0)
    rubyzip (0.9.9)
    sass (3.2.19)
    sass-rails (4.0.5)
      railties (>= 4.0.0, < 5.0)
      sass (~> 3.2.2)
      sprockets (~> 2.8, < 3.0)
      sprockets-rails (~> 2.0)
    sdoc (0.3.20)
      json (>= 1.1.3)
      rdoc (~> 3.10)
    selenium-webdriver (2.35.1)
      childprocess (>= 0.2.5)
      multi_json (~> 1.0)
      rubyzip (< 1.0.0)
      websocket (~> 1.0.4)
    simple_oauth (0.3.1)
    spork (1.0.0rc4)
    spork-rails (4.0.0)
      rails (>= 3.0.0, < 5)
      spork (>= 1.0rc0)
    sprockets (2.12.4)
      hike (~> 1.2)
      multi_json (~> 1.0)
      rack (~> 1.0)
      tilt (~> 1.1, != 1.3.0)
    sprockets-rails (2.3.3)
      actionpack (>= 3.0)
      activesupport (>= 3.0)
      sprockets (>= 2.8, < 4.0)
    sqlite3 (1.3.9)
    thor (0.19.4)
    thread_safe (0.3.6)
    tilt (1.4.1)
    turbolinks (2.3.0)
      coffee-rails
    tweetstream (2.6.1)
      daemons (~> 1.1)
      em-http-request (>= 1.1.1)
      em-twitter (~> 0.3)
      multi_json (~> 1.3)
      twitter (~> 5.5)
    twitter (5.17.0)
      addressable (~> 2.3)
      buftok (~> 0.2.0)
      equalizer (= 0.0.10)
      faraday (~> 0.9.0)
      http (~> 1.0)
      http_parser.rb (~> 0.6.0)
      json (~> 1.8)
      memoizable (~> 0.4.0)
      naught (~> 1.0)
      simple_oauth (~> 0.3.0)
    tzinfo (1.2.2)
      thread_safe (~> 0.1)
    uglifier (2.1.1)
      execjs (>= 0.3.0)
      multi_json (~> 1.0, >= 1.0.2)
    unf (0.1.4)
      unf_ext
    unf_ext (0.0.7.2)
    warden (1.2.7)
      rack (>= 1.0)
    websocket (1.0.7)
    whenever (0.9.7)
      chronic (>= 0.6.3)
    will_paginate (3.0.4)
    xpath (2.0.0)
      nokogiri (~> 1.3)

PLATFORMS
  ruby

DEPENDENCIES
  activerecord-reputation-system!
  amazon-ecs
  bcrypt-ruby (= 3.1.2)
  bootstrap-sass (= 2.3.2.0)
  bootstrap-will_paginate (= 0.0.9)
  capybara (= 2.1.0)
  carrierwave!
  childprocess (= 0.3.6)
  cloudinary
  coffee-rails (= 4.0.1)
  coffee-script-source (~> 1.8.0)
  devise
  dotenv-rails
  faker (= 1.1.2)
  font-awesome-rails
  god
  jbuilder (= 1.0.2)
  jquery-rails (= 3.0.4)
  mysql2 (~> 0.3.18)
  omniauth
  omniauth-facebook
  omniauth-twitter
  public_activity
  rails (= 4.2.1)
  rails-timeago (~> 2.0)
  rake (< 11.0)
  rmagick
  rspec-rails (= 2.13.1)
  sass-rails (= 4.0.5)
  sdoc (= 0.3.20)
  selenium-webdriver (= 2.35.1)
  spork-rails (= 4.0.0)
  sqlite3 (= 1.3.9)
  turbolinks (~> 2.3.0)
  tweetstream
  twitter
  uglifier (= 2.1.1)
  whenever
  will_paginate (= 3.0.4)

BUNDLED WITH
   1.10.6
